NUGET
  remote: https://www.nuget.org/api/v2
    EmguCV (3.1.0.1)
      OpenTK (>= 1.1.2225) - framework: >= net30
      OpenTK.GLControl (>= 1.1.2225) - framework: >= net30
      ZedGraph (>= 5.1.5) - framework: >= net30
    FAKE (4.50)
    FSharp.Core (4.0.0.1)
    OpenTK (2.0) - framework: >= net30
    OpenTK.GLControl (1.1.2349.61993) - framework: >= net30
      OpenTK (>= 1.1.2349.61993)
    ZedGraph (5.1.7) - framework: >= net30
